GEM
  remote: https://rubygems.org/
  specs:
    RedCloth (4.3.4)
    bcrypt (3.1.20)
    bigdecimal (3.1.8)
    charlock_holmes (0.7.9)
    curses (1.4.6)
    daemons (1.4.1)
    escape_utils (1.3.0)
    eventmachine (1.2.7)
    fast-stemmer (1.0.2)
    ffi (1.17.0)
    hitimes (3.0.0)
    json (2.7.2)
    kgio (2.11.4)
    mini_portile2 (2.8.6)
    mysql2 (0.5.6)
    nio4r (2.7.3)
    nokogiri (1.16.6)
      mini_portile2 (~> 2.8.2)
      racc (~> 1.4)
    pg (1.5.6)
    psych (5.1.2)
      stringio
    puma (6.4.3)
      nio4r (~> 2.0)
    racc (1.8.0)
    rack (2.2.9)
    raindrops (0.20.1)
    redcarpet (3.6.0)
    rexml (3.3.2)
      strscan
    rugged (1.7.2)
    sqlite3 (2.0.2)
      mini_portile2 (~> 2.8.0)
    stringio (3.1.1)
    strscan (3.1.0)
    thin (1.8.2)
      daemons (~> 1.0, >= 1.0.9)
      eventmachine (~> 1.0, >= 1.0.4)
      rack (>= 1, < 3)
    unf_ext (0.0.9.1)
    unicorn (6.1.0)
      kgio (~> 2.6)
      raindrops (~> 0.7)
    yajl-ruby (1.4.3)

PLATFORMS
  aarch64-linux
  arm-linux
  arm64-darwin
  ruby
  x86-linux
  x86_64-darwin
  x86_64-linux

DEPENDENCIES
  RedCloth
  bcrypt
  bigdecimal
  charlock_holmes
  curses
  escape_utils
  eventmachine
  fast-stemmer
  ffi
  hitimes
  json
  kgio
  mini_portile2 (= 2.8.6)
  mysql2
  nokogiri
  pg
  psych
  puma
  raindrops
  redcarpet
  rexml
  rugged
  sqlite3
  stringio
  thin
  unf_ext
  unicorn
  yajl-ruby

BUNDLED WITH
   2.5.11
